PATH
  remote: .
  specs:
    rubg (0.2.3)
      httparty (~> 0.20.0)

GEM
  remote: https://rubygems.org/
  specs:
    httparty (0.20.0)
      mime-types (~> 3.0)
      multi_xml (>= 0.5.2)
    json (1.8.6)
    mime-types (3.2.2)
      mime-types-data (~> 3.2015)
    mime-types-data (3.2018.0812)
    minitest (5.11.3)
    multi_xml (0.6.0)
    rake (10.5.0)
    zlib (1.0.0)

PLATFORMS
  ruby

DEPENDENCIES
  bundler (~> 2.1.4)
  minitest (~> 5.0)
  rake (~> 10.0)
  rubg!

BUNDLED WITH
   2.1.4
