PATH
  remote: .
  specs:
    rubg (0.2.2)
      httparty (~> 0.16.2)
      json (~> 2.1.0)
      zlib (~> 1.0.0)

GEM
  remote: https://rubygems.org/
  specs:
    httparty (0.16.2)
      multi_xml (>= 0.5.2)
    json (2.1.0)
    minitest (5.11.3)
    multi_xml (0.6.0)
    rake (10.5.0)
    zlib (1.0.0)

PLATFORMS
  ruby

DEPENDENCIES
  bundler (~> 1.16)
  minitest (~> 5.0)
  rake (~> 10.0)
  rubg!

BUNDLED WITH
   1.16.1
