PATH
  remote: .
  specs:
    rubg (0.2.3)
      httparty (~> 0.20.0)
      json (~> 2.6.1)
      zlib (~> 2.1.1)

GEM
  remote: https://rubygems.org/
  specs:
    httparty (0.20.0)
      mime-types (~> 3.0)
      multi_xml (>= 0.5.2)
    json (2.6.1)
    mime-types (3.4.1)
      mime-types-data (~> 3.2015)
    mime-types-data (3.2022.0105)
    minitest (5.15.0)
    multi_xml (0.6.0)
    rake (13.0.6)
    zlib (2.1.1)

PLATFORMS
  ruby

DEPENDENCIES
  bundler (~> 2.1.4)
  minitest (~> 5.0)
  rake (~> 13.0.6)
  rubg!

BUNDLED WITH
   2.1.4
